PATH
  remote: .
  specs:
    traptcha (0.0.1)
      rmagick

GEM
  remote: http://rubygems.org/
  specs:
    diff-lcs (1.1.2)
    rmagick (2.13.1)
    rspec (2.5.0)
      rspec-core (~> 2.5.0)
      rspec-expectations (~> 2.5.0)
      rspec-mocks (~> 2.5.0)
    rspec-core (2.5.1)
    rspec-expectations (2.5.0)
      diff-lcs (~> 1.1.2)
    rspec-mocks (2.5.0)

PLATFORMS
  ruby

DEPENDENCIES
  rspec (~> 2.5.0)
  traptcha!
