PATH
  remote: .
  specs:
    traptcha (0.0.1)
      rmagick

GEM
  remote: http://rubygems.org/
  specs:
    diff-lcs (1.1.2)
    rmagick (2.13.1)
    rspec (2.5.0)
      rspec-core (~> 2.5.0)
      rspec-expectations (~> 2.5.0)
      rspec-mocks (~> 2.5.0)
    rspec-core (2.5.1)
    rspec-expectations (2.5.0)
      diff-lcs (~> 1.1.2)
    rspec-mocks (2.5.0)
    thor (0.14.6)
    treetop (1.4.9)
      polyglot (>= 0.3.1)
    tzinfo (0.3.24)

PLATFORMS
  ruby

DEPENDENCIES
  rails (~> 3.0.0)
  rspec (~> 2.5.0)
  traptcha!
